GEM
  remote: http://rubygems.org/
  specs:
    activemodel (3.0.9)
      activesupport (= 3.0.9)
      builder (~> 2.1.2)
      i18n (~> 0.5.0)
    activerecord (3.0.9)
      activemodel (= 3.0.9)
      activesupport (= 3.0.9)
      arel (~> 2.0.10)
      tzinfo (~> 0.3.23)
    activesupport (3.0.9)
    arel (2.0.10)
    builder (2.1.2)
    diff-lcs (1.1.2)
    grit (2.4.1)
      diff-lcs (~> 1.1)
      mime-types (~> 1.15)
    haml (3.1.2)
    http_router (0.9.6)
      rack (>= 1.0.0)
      url_mount (~> 0.2.1)
    i18n (0.5.0)
    mail (2.3.0)
      i18n (>= 0.4.0)
      mime-types (~> 1.16)
      treetop (~> 1.4.8)
    mime-types (1.16)
    padrino (0.10.1)
      padrino-admin (= 0.10.1)
      padrino-cache (= 0.10.1)
      padrino-core (= 0.10.1)
      padrino-gen (= 0.10.1)
      padrino-helpers (= 0.10.1)
      padrino-mailer (= 0.10.1)
    padrino-admin (0.10.1)
      padrino-core (= 0.10.1)
      padrino-helpers (= 0.10.1)
    padrino-cache (0.10.1)
      padrino-core (= 0.10.1)
    padrino-core (0.10.1)
      activesupport (~> 3.0.0)
      http_router (~> 0.9.4)
      sinatra (~> 1.2.6)
      thor (~> 0.14.3)
      tilt (~> 1.3.0)
    padrino-gen (0.10.1)
      bundler (~> 1.0)
      grit (~> 2.4.1)
      padrino-core (= 0.10.1)
    padrino-helpers (0.10.1)
      i18n (~> 0.5.0)
      padrino-core (= 0.10.1)
    padrino-mailer (0.10.1)
      mail (~> 2.3.0)
      padrino-core (= 0.10.1)
    polyglot (0.3.2)
    rack (1.3.2)
    rack-flash (0.1.2)
      rack
    rake (0.9.2)
    sass (3.1.7)
    sinatra (1.2.6)
      rack (~> 1.1)
      tilt (>= 1.2.2, < 2.0)
    sqlite3 (1.3.4)
    thor (0.14.6)
    tilt (1.3.2)
    treetop (1.4.10)
      polyglot
      polyglot (>= 0.3.1)
    tzinfo (0.3.29)
    url_mount (0.2.1)
      rack

PLATFORMS
  ruby

DEPENDENCIES
  activerecord
  haml
  padrino (= 0.10.1)
  rack-flash
  rake
  sass
  sqlite3
